GEM
  remote: https://rubygems.org/
  specs:
    addressable (2.3.2)
    daemons (1.1.9)
    erubis (2.7.0)
    eventmachine (1.0.0)
    launchy (2.1.2)
      addressable (~> 2.3)
    less (1.2.20)
      mutter (>= 0.4.2)
      treetop (>= 1.4.2)
    maruku (0.6.1)
      syntax (>= 1.0.0)
    mutter (0.5.3)
    polyglot (0.3.3)
    rack (1.6.13)
    rack-test (0.5.3)
      rack (>= 1.0)
    rake (0.9.2.2)
    rdiscount (1.6.8)
    sinatra (1.0)
      rack (>= 1.0)
    syntax (1.0.0)
    thin (1.5.0)
      daemons (>= 1.0.9)
      eventmachine (>= 0.12.6)
      rack (>= 1.0.0)
    treetop (1.4.11)
      polyglot
      polyglot (>= 0.3.1)

PLATFORMS
  ruby

DEPENDENCIES
  erubis
  launchy
  less (= 1.2.20)
  maruku
  rack-test (= 0.5.3)
  rake
  rdiscount
  sinatra (= 1.0)
  thin
